GEM
  remote: https://rubygems.org/
  specs:
    ox (2.14.17)

PLATFORMS
  x86_64-linux

DEPENDENCIES
  ox

BUNDLED WITH
   2.4.19
